GEM
  remote: http://rubygems.org/
  specs:
    addressable (2.2.7)
    bson (1.6.1)
    dm-aggregates (1.1.0)
      dm-core (~> 1.1.0)
    dm-core (1.1.0)
      addressable (~> 2.2.4)
    dm-migrations (1.1.0)
      dm-core (~> 1.1.0)
    dm-mongo-adapter (0.6.0)
      dm-aggregates (~> 1.1.0)
      dm-core (~> 1.1.0)
      dm-migrations (~> 1.1.0)
      mongo (~> 1.2.4)
    mongo (1.2.4)
      bson (>= 1.2.4)
    rack (1.4.1)
    rack-protection (1.2.0)
      rack
    sinatra (1.3.2)
      rack (~> 1.3, >= 1.3.6)
      rack-protection (~> 1.2)
      tilt (~> 1.3, >= 1.3.3)
    tilt (1.3.3)

PLATFORMS
  ruby

DEPENDENCIES
  dm-mongo-adapter
  sinatra
